GEM
  remote: https://rubygems.org/
  specs:
    autoprefixer-rails (9.1.3)
      execjs
    breakpoint (2.7.1)
      sass (~> 3.3)
      sassy-maps (< 1.0.0)
    chunky_png (1.3.10)
    coderay (1.1.2)
    compass (1.0.3)
      chunky_png (~> 1.2)
      compass-core (~> 1.0.2)
      compass-import-once (~> 1.0.5)
      rb-fsevent (>= 0.9.3)
      rb-inotify (>= 0.9)
      sass (>= 3.3.13, < 3.5)
    compass-core (1.0.3)
      multi_json (~> 1.0)
      sass (>= 3.3.0, < 3.5)
    compass-import-once (1.0.5)
      sass (>= 3.2, < 3.5)
    em-websocket (0.5.1)
      eventmachine (>= 0.12.9)
      http_parser.rb (~> 0.6.0)
    eventmachine (1.2.7)
    execjs (2.7.0)
    ffi (1.9.25)
    formatador (0.2.5)
    guard (2.14.2)
      formatador (>= 0.2.4)
      listen (>= 2.7, < 4.0)
      lumberjack (>= 1.0.12, < 2.0)
      nenv (~> 0.1)
      notiffany (~> 0.0)
      pry (>= 0.9.12)
      shellany (~> 0.0)
      thor (>= 0.18.1)
    guard-compass (1.1.0)
      compass (>= 0.10.5)
      guard (~> 2.0)
    guard-compat (1.2.1)
    guard-livereload (2.5.2)
      em-websocket (~> 0.5)
      guard (~> 2.8)
      guard-compat (~> 1.0)
      multi_json (~> 1.8)
    http_parser.rb (0.6.0)
    listen (3.1.5)
      rb-fsevent (~> 0.9, >= 0.9.4)
      rb-inotify (~> 0.9, >= 0.9.7)
      ruby_dep (~> 1.2)
    lumberjack (1.0.13)
    method_source (0.9.0)
    modular-scale (2.1.1)
      compass (>= 0.12.0)
    multi_json (1.13.1)
    nenv (0.3.0)
    notiffany (0.1.1)
      nenv (~> 0.1)
      shellany (~> 0.0)
    pry (0.11.3)
      coderay (~> 1.1.0)
      method_source (~> 0.9.0)
    rb-fsevent (0.10.3)
    rb-inotify (0.9.10)
      ffi (>= 0.5.0, < 2)
    ruby_dep (1.5.0)
    sass (3.4.25)
    sass-globbing (1.1.5)
      sass (>= 3.1)
    sassy-maps (0.4.0)
      sass (~> 3.3)
    shellany (0.0.1)
    singularity-extras (1.0.0)
      modular-scale (~> 2.0)
      singularitygs (~> 1.2)
    singularitygs (1.8.0)
      breakpoint (~> 2.4)
      sass (~> 3.3)
    thor (0.20.0)

PLATFORMS
  ruby

DEPENDENCIES
  autoprefixer-rails
  compass
  guard-compass
  guard-livereload
  modular-scale (>= 2.0.0.alpha5)
  sass-globbing
  singularity-extras (~> 1.0)
  singularitygs (~> 1.8)

BUNDLED WITH
   1.16.2
